PATH
  remote: .
  specs:
    cyclop (0.1.5)
      bson_ext (~> 1.3)
      mongo (~> 1.3)
      posix-spawn (~> 0.3.6)

GEM
  remote: http://rubygems.org/
  specs:
    bson (1.4.0)
    bson_ext (1.4.0)
    diff-lcs (1.1.3)
    mongo (1.4.0)
      bson (= 1.4.0)
    mustache (0.99.4)
    posix-spawn (0.3.6)
    rake (0.8.7)
    redcarpet (1.17.2)
    rocco (0.8.2)
      mustache
      redcarpet
    rspec (2.6.0)
      rspec-core (~> 2.6.0)
      rspec-expectations (~> 2.6.0)
      rspec-mocks (~> 2.6.0)
    rspec-core (2.6.4)
    rspec-expectations (2.6.0)
      diff-lcs (~> 1.1.2)
    rspec-mocks (2.6.0)

PLATFORMS
  ruby

DEPENDENCIES
  cyclop!
  rake (~> 0.8.7)
  rocco (~> 0.7)
  rspec (~> 2.6.0)
